PATH
  remote: .
  specs:
    warden-2fa (0.0.01)
      rack (>= 1.0)
      warden (>= 1.2.3)

GEM
  remote: https://rubygems.org/
  specs:
    diff-lcs (1.2.5)
    rack (1.3.0)
    rack-test (0.6.2)
      rack (>= 1.0)
    rake (10.3.2)
    rspec (2.99.0)
      rspec-core (~> 2.99.0)
      rspec-expectations (~> 2.99.0)
      rspec-mocks (~> 2.99.0)
    rspec-core (2.99.2)
    rspec-expectations (2.99.2)
      diff-lcs (>= 1.1.3, < 2.0)
    rspec-mocks (2.99.2)
    warden (1.2.3)
      rack (>= 1.0)

PLATFORMS
  ruby

DEPENDENCIES
  rack (= 1.3)
  rack-test
  rake
  rspec (~> 2)
  warden (>= 1.2.3)
  warden-2fa!
